PATH
  remote: ./ruboty-minecraft
  specs:
    ruboty-minecraft (0.0.1)
      ruboty

GEM
  remote: https://rubygems.org/
  specs:
    activesupport (4.1.7)
      i18n (~> 0.6, >= 0.6.9)
      json (~> 1.7, >= 1.7.7)
      minitest (~> 5.1)
      thread_safe (~> 0.1)
      tzinfo (~> 1.1)
    dotenv (1.0.2)
    i18n (0.6.11)
    json (1.8.1)
    mem (0.1.5)
    minitest (5.4.3)
    pusher-client (0.5.0)
      json
      websocket (~> 1.1.2)
    ruboty (1.0.4)
      activesupport
      bundler
      dotenv
      mem
      slop
    ruboty-idobata (0.0.3)
      pusher-client (~> 0.5.0)
      ruboty (~> 1.0.1)
    slop (3.6.0)
    thread_safe (0.3.4)
    tzinfo (1.2.2)
      thread_safe (~> 0.1)
    websocket (1.1.4)

PLATFORMS
  ruby

DEPENDENCIES
  ruboty
  ruboty-idobata
  ruboty-minecraft!
